PATH
  remote: .
  specs:
    omochi (0.1.0)
      thor

GEM
  remote: https://rubygems.org/
  specs:
    rake (13.1.0)
    thor (1.3.0)

PLATFORMS
  arm64-darwin-21

DEPENDENCIES
  omochi!
  rake (~> 13.0)

BUNDLED WITH
   2.4.10
