PATH
  remote: .
  specs:
    omochi (0.1.0)
      parser
      thor

GEM
  remote: https://rubygems.org/
  specs:
    ast (2.4.2)
    parser (3.2.2.4)
      ast (~> 2.4.1)
      racc
    racc (1.7.3)
    rake (13.1.0)
    thor (1.3.0)

PLATFORMS
  arm64-darwin-21

DEPENDENCIES
  omochi!
  rake (~> 13.0)

BUNDLED WITH
   2.4.10
